GIT
  remote: https://github.com/gina-alaska/terraform-rake-tasks
  revision: 4c7b10dc827e11ed841a50f60b850a9dd150df2f
  specs:
    terraform-rake-tasks (0.1.2)
      aws-sdk (~> 2.3, >= 2.3.0)
      colorize (~> 0.7.0, >= 0.7.0)
      dotenv (~> 2.1.0, >= 2.1.0)
      rake (~> 12.0.0, >= 12.0.0)

GEM
  remote: https://rubygems.org/
  specs:
    aws-sdk (2.10.28)
      aws-sdk-resources (= 2.10.28)
    aws-sdk-core (2.10.28)
      aws-sigv4 (~> 1.0)
      jmespath (~> 1.0)
    aws-sdk-resources (2.10.28)
      aws-sdk-core (= 2.10.28)
    aws-sigv4 (1.0.1)
    colorize (0.7.7)
    dotenv (2.1.2)
    highline (1.7.8)
    jmespath (1.3.1)
    rake (12.0.0)

PLATFORMS
  ruby

DEPENDENCIES
  aws-sdk
  colorize
  highline
  rake
  terraform-rake-tasks!

BUNDLED WITH
   1.15.3
